GEM
  remote: https://rubygems.org/
  specs:
    addressable (2.3.5)
    akephalos (0.2.5-java)
      capybara (~> 0.4.0)
    bcrypt-ruby (3.1.1-java)
    blankslate (2.1.2.4)
    capybara (0.4.1.2)
      celerity (>= 0.7.9)
      culerity (>= 0.2.4)
      mime-types (>= 1.16)
      nokogiri (>= 1.3.3)
      rack (>= 1.0.0)
      rack-test (>= 0.5.4)
      selenium-webdriver (>= 0.0.27)
      xpath (~> 0.1.3)
    capybara-json (0.3.0)
      capybara
      httpclient (~> 2.2)
      multi_json (~> 1.3)
    celerity (0.9.2)
    childprocess (0.3.9)
      ffi (~> 1.0, >= 1.0.11)
    culerity (0.2.15)
    data_mapper (1.2.0)
      dm-aggregates (~> 1.2.0)
      dm-constraints (~> 1.2.0)
      dm-core (~> 1.2.0)
      dm-migrations (~> 1.2.0)
      dm-serializer (~> 1.2.0)
      dm-timestamps (~> 1.2.0)
      dm-transactions (~> 1.2.0)
      dm-types (~> 1.2.0)
      dm-validations (~> 1.2.0)
    data_objects (0.10.13)
      addressable (~> 2.1)
    diff-lcs (1.2.4)
    dm-aggregates (1.2.0)
      dm-core (~> 1.2.0)
    dm-constraints (1.2.0)
      dm-core (~> 1.2.0)
    dm-core (1.2.1)
      addressable (~> 2.3)
    dm-do-adapter (1.2.0)
      data_objects (~> 0.10.6)
      dm-core (~> 1.2.0)
    dm-migrations (1.2.0)
      dm-core (~> 1.2.0)
    dm-serializer (1.2.2)
      dm-core (~> 1.2.0)
      fastercsv (~> 1.5)
      json (~> 1.6)
      json_pure (~> 1.6)
      multi_json (~> 1.0)
    dm-sqlite-adapter (1.2.0)
      dm-do-adapter (~> 1.2.0)
      do_sqlite3 (~> 0.10.6)
    dm-timestamps (1.2.0)
      dm-core (~> 1.2.0)
    dm-transactions (1.2.0)
      dm-core (~> 1.2.0)
    dm-types (1.2.2)
      bcrypt-ruby (~> 3.0)
      dm-core (~> 1.2.0)
      fastercsv (~> 1.5)
      json (~> 1.6)
      multi_json (~> 1.0)
      stringex (~> 1.4)
      uuidtools (~> 2.1)
    dm-validations (1.2.0)
      dm-core (~> 1.2.0)
    do_jdbc (0.10.13-java)
      data_objects (= 0.10.13)
    do_sqlite3 (0.10.13-java)
      data_objects (= 0.10.13)
      do_jdbc (= 0.10.13)
      jdbc-sqlite3 (>= 3.5.8)
    edn (1.0.0)
      parslet (~> 1.4.0)
    fastercsv (1.5.5)
    ffi (1.9.0-java)
    httpclient (2.3.3)
    jdbc-sqlite3 (3.7.2.1)
    json (1.8.0-java)
    json_pure (1.8.0)
    mime-types (1.23)
    mini_portile (0.5.1)
    multi_json (1.7.7)
    nokogiri (1.6.0-java)
      mini_portile (~> 0.5.0)
    parslet (1.4.0)
      blankslate (~> 2.0)
    rack (1.5.2)
    rack-protection (1.5.0)
      rack
    rack-test (0.6.2)
      rack (>= 1.0)
    rake (10.1.0)
    rspec (2.14.1)
      rspec-core (~> 2.14.0)
      rspec-expectations (~> 2.14.0)
      rspec-mocks (~> 2.14.0)
    rspec-core (2.14.4)
    rspec-expectations (2.14.0)
      diff-lcs (>= 1.1.3, < 2.0)
    rspec-mocks (2.14.1)
    rubyzip (0.9.9)
    selenium-webdriver (2.33.0)
      childprocess (>= 0.2.5)
      multi_json (~> 1.0)
      rubyzip
      websocket (~> 1.0.4)
    sinatra (1.4.3)
      rack (~> 1.4)
      rack-protection (~> 1.4)
      tilt (~> 1.3, >= 1.3.4)
    stringex (1.5.1)
    thor (0.18.1)
    tilt (1.4.1)
    torquebox (2.2.0)
      thor (>= 0.14.6)
      torquebox-cache (= 2.2.0)
      torquebox-configure (= 2.2.0)
      torquebox-core (= 2.2.0)
      torquebox-messaging (= 2.2.0)
      torquebox-naming (= 2.2.0)
      torquebox-rake-support (= 2.2.0)
      torquebox-security (= 2.2.0)
      torquebox-stomp (= 2.2.0)
      torquebox-transactions (= 2.2.0)
      torquebox-web (= 2.2.0)
    torquebox-cache (2.2.0-java)
      torquebox-core (= 2.2.0)
      torquebox-transactions (= 2.2.0)
    torquebox-configure (2.2.0-java)
      blankslate (= 2.1.2.4)
    torquebox-core (2.2.0-java)
    torquebox-messaging (2.2.0-java)
      edn (= 1.0.0)
      torquebox-core (= 2.2.0)
      torquebox-transactions (= 2.2.0)
    torquebox-naming (2.2.0-java)
    torquebox-rake-support (2.2.0)
      rake (>= 0.8.7)
    torquebox-security (2.2.0-java)
      torquebox-core (= 2.2.0)
    torquebox-server (2.2.0-java)
      torquebox (= 2.2.0)
    torquebox-stomp (2.2.0)
      torquebox-core (= 2.2.0)
      torquebox-messaging (= 2.2.0)
    torquebox-transactions (2.2.0)
      torquebox-core (= 2.2.0)
    torquebox-web (2.2.0-java)
    torquespec (0.6.0)
      json
      rspec
    uuidtools (2.1.4)
    websocket (1.0.7)
    xpath (0.1.4)
      nokogiri (~> 1.3)

PLATFORMS
  java

DEPENDENCIES
  akephalos
  capybara
  capybara-json
  data_mapper
  dm-sqlite-adapter
  jdbc-sqlite3
  json
  sinatra
  torquebox (= 2.2.0)
  torquebox-messaging (= 2.2.0)
  torquebox-server (= 2.2.0)
  torquespec
