GEM
  remote: https://rubygems.org/
  specs:
    addressable (2.3.5)
    bcrypt-ruby (3.0.1)
    bcrypt-ruby (3.0.1-java)
    blankslate (2.1.2.4)
    data_mapper (1.2.0)
      dm-aggregates (~> 1.2.0)
      dm-constraints (~> 1.2.0)
      dm-core (~> 1.2.0)
      dm-migrations (~> 1.2.0)
      dm-serializer (~> 1.2.0)
      dm-timestamps (~> 1.2.0)
      dm-transactions (~> 1.2.0)
      dm-types (~> 1.2.0)
      dm-validations (~> 1.2.0)
    data_objects (0.10.13)
      addressable (~> 2.1)
    dm-aggregates (1.2.0)
      dm-core (~> 1.2.0)
    dm-constraints (1.2.0)
      dm-core (~> 1.2.0)
    dm-core (1.2.1)
      addressable (~> 2.3)
    dm-do-adapter (1.2.0)
      data_objects (~> 0.10.6)
      dm-core (~> 1.2.0)
    dm-migrations (1.2.0)
      dm-core (~> 1.2.0)
    dm-serializer (1.2.2)
      dm-core (~> 1.2.0)
      fastercsv (~> 1.5)
      json (~> 1.6)
      json_pure (~> 1.6)
      multi_json (~> 1.0)
    dm-sqlite-adapter (1.2.0)
      dm-do-adapter (~> 1.2.0)
      do_sqlite3 (~> 0.10.6)
    dm-timestamps (1.2.0)
      dm-core (~> 1.2.0)
    dm-transactions (1.2.0)
      dm-core (~> 1.2.0)
    dm-types (1.2.2)
      bcrypt-ruby (~> 3.0)
      dm-core (~> 1.2.0)
      fastercsv (~> 1.5)
      json (~> 1.6)
      multi_json (~> 1.0)
      stringex (~> 1.4)
      uuidtools (~> 2.1)
    dm-validations (1.2.0)
      dm-core (~> 1.2.0)
    do_jdbc (0.10.13-java)
      data_objects (= 0.10.13)
    do_sqlite3 (0.10.13)
      data_objects (= 0.10.13)
    do_sqlite3 (0.10.13-java)
      data_objects (= 0.10.13)
      do_jdbc (= 0.10.13)
      jdbc-sqlite3 (>= 3.5.8)
    edn (1.0.0)
      parslet (~> 1.4.0)
    fastercsv (1.5.5)
    jdbc-sqlite3 (3.7.2.1)
    json (1.8.0)
    json (1.8.0-java)
    json_pure (1.8.0)
    multi_json (1.7.7)
    parslet (1.4.0)
      blankslate (~> 2.0)
    rack (1.5.2)
    rack-protection (1.5.0)
      rack
    rake (10.1.0)
    sinatra (1.4.3)
      rack (~> 1.4)
      rack-protection (~> 1.4)
      tilt (~> 1.3, >= 1.3.4)
    stringex (1.5.1)
    thor (0.18.1)
    tilt (1.4.1)
    torquebox (2.2.0)
      thor (>= 0.14.6)
      torquebox-cache (= 2.2.0)
      torquebox-configure (= 2.2.0)
      torquebox-core (= 2.2.0)
      torquebox-messaging (= 2.2.0)
      torquebox-naming (= 2.2.0)
      torquebox-rake-support (= 2.2.0)
      torquebox-security (= 2.2.0)
      torquebox-stomp (= 2.2.0)
      torquebox-transactions (= 2.2.0)
      torquebox-web (= 2.2.0)
    torquebox-cache (2.2.0-java)
      torquebox-core (= 2.2.0)
      torquebox-transactions (= 2.2.0)
    torquebox-configure (2.2.0-java)
      blankslate (= 2.1.2.4)
    torquebox-core (2.2.0-java)
    torquebox-messaging (2.2.0-java)
      edn (= 1.0.0)
      torquebox-core (= 2.2.0)
      torquebox-transactions (= 2.2.0)
    torquebox-naming (2.2.0-java)
    torquebox-rake-support (2.2.0)
      rake (>= 0.8.7)
    torquebox-security (2.2.0-java)
      torquebox-core (= 2.2.0)
    torquebox-server (2.2.0-java)
      torquebox (= 2.2.0)
    torquebox-stomp (2.2.0)
      torquebox-core (= 2.2.0)
      torquebox-messaging (= 2.2.0)
    torquebox-transactions (2.2.0)
      torquebox-core (= 2.2.0)
    torquebox-web (2.2.0-java)
    uuidtools (2.1.4)

PLATFORMS
  java
  ruby

DEPENDENCIES
  data_mapper
  dm-sqlite-adapter
  jdbc-sqlite3
  json
  sinatra
  torquebox (= 2.2.0)
  torquebox-messaging (= 2.2.0)
  torquebox-server (= 2.2.0)
